PATH
  remote: .
  specs:
    garrison-api (1.0.0)
      httparty (~> 0.16.2)

GEM
  remote: https://rubygems.org/
  specs:
    httparty (0.16.2)
      multi_xml (>= 0.5.2)
    multi_xml (0.6.0)
    rake (12.3.2)

PLATFORMS
  ruby

DEPENDENCIES
  bundler (~> 1.16)
  garrison-api!
  rake (~> 12.3)

BUNDLED WITH
   1.16.1
