PATH
  remote: .
  specs:
    garrison-api (2.0.0)
      httparty (>= 0.16.2, < 0.18.0)

GEM
  remote: https://rubygems.org/
  specs:
    httparty (0.17.0)
      mime-types (~> 3.0)
      multi_xml (>= 0.5.2)
    mime-types (3.2.2)
      mime-types-data (~> 3.2015)
    mime-types-data (3.2019.0331)
    multi_xml (0.6.0)
    rake (13.0.0)

PLATFORMS
  ruby

DEPENDENCIES
  bundler (~> 2.0)
  garrison-api!
  rake (~> 13.0)

BUNDLED WITH
   2.0.2
